GIT
  remote: git://github.com/Spooner/releasy.git
  revision: 794dbbf920758f1e11c7fe35d04b4d676051c7e4
  specs:
    releasy (0.2.3)
      bundler (>= 1.2.1)
      cri (~> 2.1.0)
      ocra (~> 1.3.0)
      rake (>= 0.9.2.2)
      thor (~> 0.14.6)

GEM
  remote: http://rubygems.org/
  specs:
    chingu (0.9rc9)
      gosu (>= 0.7.45)
    concurrent-ruby (1.0.2)
    cri (2.1.0)
    gameoverseer (0.1.6)
      concurrent-ruby
      multi_json
      renet (~> 0.2, >= 0.2.2)
    gameoverseer-client (0.0.1)
      multi_json
      renet (>= 0.2.0)
    gosu (0.10.8)
    gosu (0.10.8-x64-mingw32)
    gosu (0.10.8-x86-mingw32)
    multi_json (1.12.1)
    ocra (1.3.6)
    oj (2.17.5)
    oj (2.17.5-x86-mingw32)
    rake (11.3.0)
    renet (0.2.2)
    renet (0.2.2-x86-mingw32)
    thor (0.14.6)

PLATFORMS
  ruby
  x64-mingw32
  x86-mingw32

DEPENDENCIES
  chingu (= 0.9rc9)
  gameoverseer
  gameoverseer-client
  gosu
  multi_json
  oj
  rake
  releasy!
  renet

BUNDLED WITH
   1.13.6
