GEM
  remote: http://rubygems.org/
  specs:
    chingu (0.9rc9)
      gosu (>= 0.7.45)
    colored (1.2)
    concurrent-ruby (1.0.2)
    cri (2.7.0)
      colored (~> 1.2)
    gameoverseer (0.1.6)
      concurrent-ruby
      multi_json
      renet (~> 0.2, >= 0.2.2)
    gameoverseer-client (0.0.1)
      multi_json
      renet (>= 0.2.0)
    gosu (0.10.8)
    gosu (0.10.8-x64-mingw32)
    gosu (0.10.8-x86-mingw32)
    multi_json (1.12.1)
    ocra (1.3.6)
    rake (11.3.0)
    releasy (0.2.3)
      bundler
      cri
      ocra
      rake
    renet (0.2.2)

PLATFORMS
  ruby
  x64-mingw32
  x86-mingw32

DEPENDENCIES
  chingu (= 0.9rc9)
  gameoverseer
  gameoverseer-client
  multi_json
  rake
  releasy
  renet

BUNDLED WITH
   1.11.2
