PATH
  remote: ../gameoverseer-client
  specs:
    gameoverseer-client (0.0.1)
      multi_json
      renet (>= 0.2.0)

GEM
  remote: http://rubygems.org/
  specs:
    chingu (0.9rc9)
      gosu (>= 0.7.45)
    concurrent-ruby (1.0.2)
    gameoverseer (0.1.3)
      concurrent-ruby
      gosu (>= 0.10.6)
      multi_json
      renet
    gosu (0.10.8-x64-mingw32)
    gosu (0.10.8-x86-mingw32)
    multi_json (1.12.1)
    oj (2.17.5)
    rake (0.9.2.2)
    renet (0.2.2)

PLATFORMS
  x64-mingw32
  x86-mingw32

DEPENDENCIES
  chingu (= 0.9rc9)
  gameoverseer
  gameoverseer-client!
  multi_json
  oj
  rake (= 0.9.2.2)
  renet

BUNDLED WITH
   1.11.2
