GEM
  remote: http://rubygems.org/
  specs:
    concurrent-ruby (1.0.5)
    gameoverseer (0.1.8)
      concurrent-ruby
      multi_json
      renet (~> 0.2, >= 0.2.2)
    gameoverseer-client (0.0.2)
      multi_json
      renet (>= 0.2.0)
    gosu (0.14.4)
    gosu (0.14.4-x64-mingw32)
    gosu (0.14.4-x86-mingw32)
    multi_json (1.13.1)
    oj (3.6.11)
    rake (12.3.1)
    renet (0.2.2)

PLATFORMS
  ruby
  x64-mingw32
  x86-mingw32

DEPENDENCIES
  gameoverseer
  gameoverseer-client
  gosu
  oj
  rake
  renet

BUNDLED WITH
   1.16.6
