GIT
  remote: https://github.com/Dahrkael/rENet.git
  revision: 7ece24f1b41603dcca23ef97cdb9dc6b1d5917cd
  specs:
    renet (0.2.2)

GEM
  remote: https://rubygems.org/
  specs:
    concurrent-ruby (1.1.7)
    cyberarm_engine (0.14.0)
      gosu (~> 0.15.0)
      gosu_more_drawables (~> 0.3)
    gameoverseer (0.1.8)
      concurrent-ruby
      multi_json
      renet (~> 0.2, >= 0.2.2)
    gameoverseer-client (0.0.2)
      multi_json
      renet (>= 0.2.0)
    gosu (0.15.2)
    gosu_more_drawables (0.3.1)
    multi_json (1.15.0)
    oj (3.10.14)
    rake (13.0.1)

PLATFORMS
  ruby

DEPENDENCIES
  cyberarm_engine
  gameoverseer
  gameoverseer-client
  oj
  rake
  renet!

BUNDLED WITH
   2.1.4
