GIT
  remote: git://github.com/Dahrkael/rENet.git
  revision: 7ece24f1b41603dcca23ef97cdb9dc6b1d5917cd
  specs:
    renet (0.2.2)

GEM
  remote: https://rubygems.org/
  specs:
    concurrent-ruby (1.1.5)
    cyberarm_engine (0.5.1)
      gosu (~> 0.14.0)
    gameoverseer (0.1.8)
      concurrent-ruby
      multi_json
      renet (~> 0.2, >= 0.2.2)
    gameoverseer-client (0.0.2)
      multi_json
      renet (>= 0.2.0)
    gosu (0.14.5)
    gosu (0.14.5-x64-mingw32)
    gosu (0.14.5-x86-mingw32)
    multi_json (1.13.1)
    oj (3.7.12)
    rake (12.3.2)

PLATFORMS
  ruby
  x64-mingw32
  x86-mingw32

DEPENDENCIES
  cyberarm_engine
  gameoverseer
  gameoverseer-client
  oj
  rake
  renet!

BUNDLED WITH
   1.17.3
