GIT
  remote: git://github.com/Dahrkael/rENet.git
  revision: 7ece24f1b41603dcca23ef97cdb9dc6b1d5917cd
  specs:
    renet (0.2.2)

GEM
  remote: http://rubygems.org/
  specs:
    concurrent-ruby (1.1.4)
    gameoverseer (0.1.8)
      concurrent-ruby
      multi_json
      renet (~> 0.2, >= 0.2.2)
    gameoverseer-client (0.0.2)
      multi_json
      renet (>= 0.2.0)
    gosu (0.14.5)
    gosu (0.14.5-x64-mingw32)
    gosu (0.14.5-x86-mingw32)
    multi_json (1.13.1)
    oj (3.7.9)
    rake (12.3.2)

PLATFORMS
  ruby
  x64-mingw32
  x86-mingw32

DEPENDENCIES
  gameoverseer
  gameoverseer-client
  gosu
  oj
  rake
  renet!

BUNDLED WITH
   1.17.2
