GEM
  remote: https://rubygems.org/
  specs:
    chingu (0.8.1)
      crack
      gosu (>= 0.7.25)
      rest-client
    chipmunk (6.1.3.3)
    crack (0.4.2)
      safe_yaml (~> 1.0.0)
    cri (2.1.0)
    domain_name (0.5.23)
      unf (>= 0.0.5, < 1.0.0)
    faster_xml_simple (0.5.0)
      libxml-ruby (>= 0.3.8.4)
    ffi (1.9.8-x86-mingw32)
    gosu (0.8.7.2-x86-mingw32)
    http-cookie (1.0.2)
      domain_name (~> 0.5)
    httpclient (2.6.0.1)
    json (1.8.2)
    libxml-ruby (2.7.0-x86-mingw32)
    mime-types (2.4.3)
    mini_portile (0.6.2)
    multi_json (1.11.0)
    net-github-upload (0.0.8)
      faster_xml_simple
      httpclient
      json
      nokogiri (>= 1.4.0)
    netrc (0.10.3)
    nokogiri (1.6.6.2-x86-mingw32)
      mini_portile (~> 0.6.0)
    ocra (1.3.4)
    oj (2.12.1)
    rake (0.9.2.2)
    releasy (0.2.2)
      cri (~> 2.1.0)
      net-github-upload (~> 0.0.8)
      ocra (~> 1.3.0)
      rake (~> 0.9.2.2)
      thor (~> 0.14.6)
    rest-client (1.8.0-x86-mingw32)
      ffi (~> 1.9)
      http-cookie (>= 1.0.2, < 2.0)
      mime-types (>= 1.16, < 3.0)
      netrc (~> 0.7)
    safe_yaml (1.0.4)
    thor (0.14.6)
    unf (0.1.4)
      unf_ext
    unf_ext (0.0.6-x86-mingw32)

PLATFORMS
  x86-mingw32

DEPENDENCIES
  chingu
  chipmunk
  libxml-ruby (= 2.7.0)
  multi_json
  oj
  rake (= 0.9.2.2)
  releasy
