PATH
  remote: ../gameoverseer-client
  specs:
    gameoverseer-client (0.0.1)
      multi_json
      renet (>= 0.2.0)

GEM
  remote: https://rubygems.org/
  specs:
    celluloid (0.16.0)
      timers (~> 4.0.0)
    chingu (0.8.1)
      crack
      gosu (>= 0.7.25)
      rest-client
    chipmunk (6.1.3.4)
    crack (0.4.2)
      safe_yaml (~> 1.0.0)
    cri (2.1.0)
    domain_name (0.5.24)
      unf (>= 0.0.5, < 1.0.0)
    faster_xml_simple (0.5.0)
      libxml-ruby (>= 0.3.8.4)
    ffi (1.9.8-x86-mingw32)
    gameoverseer (0.1.2)
      celluloid
      gosu
      multi_json
      renet
    gosu (0.8.7.2-x86-mingw32)
    hitimes (1.2.2-x86-mingw32)
    http-cookie (1.0.2)
      domain_name (~> 0.5)
    httpclient (2.6.0.1)
    json (1.8.2)
    libxml-ruby (2.7.0-x86-mingw32)
    mime-types (2.5)
    mini_portile (0.6.2)
    multi_json (1.11.0)
    net-github-upload (0.0.8)
      faster_xml_simple
      httpclient
      json
      nokogiri (>= 1.4.0)
    netrc (0.10.3)
    nokogiri (1.6.6.2-x86-mingw32)
      mini_portile (~> 0.6.0)
    ocra (1.3.5)
    oj (2.12.5)
    rake (0.9.2.2)
    releasy (0.2.2)
      cri (~> 2.1.0)
      net-github-upload (~> 0.0.8)
      ocra (~> 1.3.0)
      rake (~> 0.9.2.2)
      thor (~> 0.14.6)
    renet (0.2.0-x86-mingw32)
    rest-client (1.8.0-x86-mingw32)
      ffi (~> 1.9)
      http-cookie (>= 1.0.2, < 2.0)
      mime-types (>= 1.16, < 3.0)
      netrc (~> 0.7)
    safe_yaml (1.0.4)
    thor (0.14.6)
    timers (4.0.1)
      hitimes
    unf (0.1.4)
      unf_ext
    unf_ext (0.0.7.1-x86-mingw32)

PLATFORMS
  x86-mingw32

DEPENDENCIES
  chingu
  chipmunk
  gameoverseer
  gameoverseer-client!
  libxml-ruby (= 2.7.0)
  multi_json
  oj (= 2.12.5)
  rake (= 0.9.2.2)
  releasy
  renet
