GEM
  remote: https://rubygems.org/
  specs:
    chingu (0.9rc9)
      gosu (>= 0.7.45)
      gosu (>= 0.7.45)
    cri (2.1.0)
    faster_xml_simple (0.5.0)
      libxml-ruby (>= 0.3.8.4)
    gosu (0.8.7.2-x86-mingw32)
    httpclient (2.6.0.1)
    json (1.8.2)
    libxml-ruby (2.7.0-x86-mingw32)
    mini_portile (0.6.2)
    multi_json (1.11.0)
    net-github-upload (0.0.8)
      faster_xml_simple
      httpclient
      json
      nokogiri (>= 1.4.0)
    nokogiri (1.6.6.1-x86-mingw32)
      mini_portile (~> 0.6.0)
    ocra (1.3.4)
    oj (2.11.4)
    rake (0.9.2.2)
    releasy (0.2.2)
      cri (~> 2.1.0)
      net-github-upload (~> 0.0.8)
      ocra (~> 1.3.0)
      rake (~> 0.9.2.2)
      thor (~> 0.14.6)
    thor (0.14.6)

PLATFORMS
  x86-mingw32

DEPENDENCIES
  chingu
  multi_json
  oj
  rake (= 0.9.2.2)
  releasy
